GEM
  remote: https://rubygems.org/
  specs:
    haml (5.1.2)
      temple (>= 0.8.0)
      tilt
    mustermann (1.0.3)
    rack (2.2.3)
    rack-protection (2.0.7)
      rack
    sinatra (2.0.7)
      mustermann (~> 1.0)
      rack (~> 2.0)
      rack-protection (= 2.0.7)
      tilt (~> 2.0)
    temple (0.8.2)
    tilt (2.0.10)

PLATFORMS
  ruby

DEPENDENCIES
  haml (>= 5.1.2)
  sinatra (>= 2.0.7)

RUBY VERSION
   ruby 2.6.3p62

BUNDLED WITH
   2.0.2
